GEM
  remote: http://rubygems.org/
  specs:
    github-markdown (0.5.3)
    json (1.7.6)

PLATFORMS
  ruby

DEPENDENCIES
  github-markdown
  json
